GIT
  remote: https://github.com/discourse/translations-manager.git
  revision: 68bbf2a99412638b73057935c89c6b2e1945e092
  specs:
    translations-manager (0.5)

GEM
  specs:

PLATFORMS
  ruby

DEPENDENCIES
  translations-manager!

BUNDLED WITH
   1.17.3
